PATH
  remote: .
  specs:
    parse_csv (0.1.0)

GEM
  remote: https://rubygems.org/
  specs:
    ansi (1.5.0)
    builder (3.2.3)
    minitest (5.11.3)
    minitest-reporters (1.3.6)
      ansi
      builder
      minitest (>= 5.0)
      ruby-progressbar
    rake (13.0.1)
    ruby-progressbar (1.10.1)

PLATFORMS
  ruby

DEPENDENCIES
  bundler (~> 2.0)
  minitest
  minitest-reporters
  parse_csv!
  rake (~> 13.0)

BUNDLED WITH
   2.0.1
